PATH
  remote: C:/Mark/develop/GitHub/MarkDBlackwell/rake
  specs:
    rake (11.2.2)

GEM
  specs:
    builder (3.2.2)
    cucumber (2.4.0)
      builder (>= 2.1.2)
      cucumber-core (~> 1.5.0)
      cucumber-wire (~> 0.0.1)
      diff-lcs (>= 1.1.3)
      gherkin (~> 4.0)
      multi_json (>= 1.7.5, < 2.0)
      multi_test (>= 0.1.2)
    cucumber-core (1.5.0)
      gherkin (~> 4.0)
    cucumber-wire (0.0.1)
    diff-lcs (1.2.5)
    gherkin (4.0.0)
    minitest (5.9.0)
    multi_json (1.12.1)
    multi_test (0.1.2)
    power_assert (0.3.0)
    rspec (3.5.0)
      rspec-core (~> 3.5.0)
      rspec-expectations (~> 3.5.0)
      rspec-mocks (~> 3.5.0)
    rspec-core (3.5.1)
      rspec-support (~> 3.5.0)
    rspec-expectations (3.5.0)
      diff-lcs (>= 1.2.0, < 2.0)
      rspec-support (~> 3.5.0)
    rspec-mocks (3.5.0)
      diff-lcs (>= 1.2.0, < 2.0)
      rspec-support (~> 3.5.0)
    rspec-support (3.5.0)
    test-unit (3.2.1)
      power_assert

PLATFORMS
  x86-mingw32

DEPENDENCIES
  cucumber
  minitest
  rake!
  rspec
  test-unit

BUNDLED WITH
   1.12.5
